GIT
  remote: git://github.com/rchampourlier/feedisco.git
  revision: 9d586323dc6f0eb8fb430d3db8c54c8fb2f60bb0
  specs:
    feedisco (0.1.3)
      nokogiri
      nokogiri

GEM
  remote: https://rubygems.org/
  specs:
    addressable (2.3.4)
    builder (3.2.2)
    cookiejar (0.3.0)
    daemons (1.1.9)
    diff-lcs (1.2.4)
    em-http-request (1.0.3)
      addressable (>= 2.2.3)
      cookiejar
      em-socksify
      eventmachine (>= 1.0.0.beta.4)
      http_parser.rb (>= 0.5.3)
    em-socksify (0.2.1)
      eventmachine (>= 1.0.0.beta.4)
    ethon (0.5.12)
      ffi (>= 1.3.0)
      mime-types (~> 1.18)
    eventmachine (1.0.3)
    faraday (0.8.7)
      multipart-post (~> 1.1)
    faraday_middleware (0.9.0)
      faraday (>= 0.7.4, < 0.9)
    faraday_middleware-multi_json (0.0.5)
      faraday_middleware
      multi_json
    ffi (1.9.0)
    hashie (2.0.5)
    hiredis (0.4.5)
    http_parser.rb (0.5.3)
    httpauth (0.2.0)
    jwt (0.1.8)
      multi_json (>= 1.5)
    mime-types (1.23)
    mini_portile (0.5.0)
    multi_json (1.7.6)
    multipart-post (1.2.0)
    nest (1.1.2)
      redis
    newrelic_rpm (3.6.3.111)
    nokogiri (1.6.0)
      mini_portile (~> 0.5.0)
    oauth2 (0.8.1)
      faraday (~> 0.8)
      httpauth (~> 0.1)
      jwt (~> 0.1.4)
      multi_json (~> 1.0)
      rack (~> 1.2)
    ohm (1.3.2)
      nest (~> 1.0)
      redis
      scrivener (~> 0.0.3)
    oj (2.0.14)
    omniauth (1.1.4)
      hashie (>= 1.2, < 3)
      rack
    omniauth-appdotnet (0.0.2)
      omniauth (~> 1.0)
      omniauth-oauth2 (~> 1.0)
    omniauth-oauth2 (1.1.1)
      oauth2 (~> 0.8.0)
      omniauth (~> 1.0)
    rack (1.5.2)
    rack-protection (1.5.0)
      rack
    rack-superfeedr (0.1.0)
      nokogiri
      nokogiri
      rack
      rack
      typhoeus
      typhoeus
    rack-test (0.6.2)
      rack (>= 1.0)
    redis (3.0.4)
    rspec (2.13.0)
      rspec-core (~> 2.13.0)
      rspec-expectations (~> 2.13.0)
      rspec-mocks (~> 2.13.0)
    rspec-core (2.13.1)
    rspec-expectations (2.13.0)
      diff-lcs (>= 1.1.3, < 2.0)
    rspec-mocks (2.13.1)
    rufus-scheduler (2.0.19)
      tzinfo (>= 0.3.23)
    rumonade (0.4.2)
    scrivener (0.0.3)
    sentry-raven (0.4.8)
      faraday (>= 0.7.6)
      hashie (>= 1.1.0)
      multi_json (~> 1.0)
      uuidtools
    shotgun (0.9)
      rack (>= 1.0)
    sinatra (1.4.3)
      rack (~> 1.4)
      rack-protection (~> 1.4)
      tilt (~> 1.3, >= 1.3.4)
    thin (1.5.1)
      daemons (>= 1.0.9)
      eventmachine (>= 0.12.6)
      rack (>= 1.0.0)
    tilt (1.4.1)
    typhoeus (0.6.3)
      ethon (~> 0.5.11)
    tzinfo (1.0.0)
    uuidtools (2.1.4)

PLATFORMS
  ruby

DEPENDENCIES
  builder
  em-http-request
  faraday
  faraday_middleware
  faraday_middleware-multi_json
  feedisco!
  hiredis
  newrelic_rpm
  ohm
  oj
  omniauth
  omniauth-appdotnet
  rack-superfeedr
  rack-test
  rspec
  rufus-scheduler
  rumonade
  sentry-raven
  shotgun
  sinatra
  thin
  typhoeus
