GIT
  remote: git://github.com/rchampourlier/feedisco.git
  revision: 9d586323dc6f0eb8fb430d3db8c54c8fb2f60bb0
  specs:
    feedisco (0.1.3)
      nokogiri
      nokogiri

GEM
  remote: https://rubygems.org/
  specs:
    daemons (1.1.9)
    diff-lcs (1.2.1)
    ethon (0.5.10)
      ffi (~> 1.3.0)
      mime-types (~> 1.18)
    eventmachine (1.0.3)
    faraday (0.8.6)
      multipart-post (~> 1.1)
    faraday_middleware (0.9.0)
      faraday (>= 0.7.4, < 0.9)
    faraday_middleware-multi_json (0.0.5)
      faraday_middleware
      multi_json
    ffi (1.3.1)
    hashie (1.2.0)
    hiredis (0.4.5)
    httpauth (0.2.0)
    jwt (0.1.8)
      multi_json (>= 1.5)
    mime-types (1.21)
    multi_json (1.7.2)
    multipart-post (1.2.0)
    nest (1.1.2)
      redis
    newrelic_rpm (3.6.0.78)
    nokogiri (1.5.9)
    oauth2 (0.8.1)
      faraday (~> 0.8)
      httpauth (~> 0.1)
      jwt (~> 0.1.4)
      multi_json (~> 1.0)
      rack (~> 1.2)
    ohm (1.2.0)
      nest (~> 1.0)
      redis
      scrivener (~> 0.0.3)
    oj (2.0.10)
    omniauth (1.1.3)
      hashie (~> 1.2)
      rack
    omniauth-appdotnet (0.0.2)
      omniauth (~> 1.0)
      omniauth-oauth2 (~> 1.0)
    omniauth-oauth2 (1.1.1)
      oauth2 (~> 0.8.0)
      omniauth (~> 1.0)
    rack (1.5.2)
    rack-protection (1.5.0)
      rack
    rack-superfeedr (0.1.0)
      nokogiri
      rack
      typhoeus
    rack-test (0.6.2)
      rack (>= 1.0)
    redis (3.0.3)
    rspec (2.13.0)
      rspec-core (~> 2.13.0)
      rspec-expectations (~> 2.13.0)
      rspec-mocks (~> 2.13.0)
    rspec-core (2.13.1)
    rspec-expectations (2.13.0)
      diff-lcs (>= 1.1.3, < 2.0)
    rspec-mocks (2.13.0)
    rumonade (0.4.0)
    scrivener (0.0.3)
    sentry-raven (0.4.5)
      faraday (>= 0.7.6)
      hashie
      multi_json (~> 1.0)
      uuidtools
    shotgun (0.9)
      rack (>= 1.0)
    sinatra (1.4.2)
      rack (~> 1.5, >= 1.5.2)
      rack-protection (~> 1.4)
      tilt (~> 1.3, >= 1.3.4)
    thin (1.5.1)
      daemons (>= 1.0.9)
      eventmachine (>= 0.12.6)
      rack (>= 1.0.0)
    tilt (1.3.6)
    typhoeus (0.6.2)
      ethon (~> 0.5.10)
    uuidtools (2.1.3)

PLATFORMS
  ruby

DEPENDENCIES
  faraday
  faraday_middleware
  faraday_middleware-multi_json
  feedisco!
  hiredis
  newrelic_rpm
  ohm
  oj
  omniauth
  omniauth-appdotnet
  rack-superfeedr
  rack-test
  rspec
  rumonade
  sentry-raven
  shotgun
  sinatra
  thin
  typhoeus
